NUGET
  remote: http://www.nuget.org/api/v2
  specs:
    Gu.Reactive (1.10.0.0)
      Rx-Main (>= 2.0.0 < 3.0.0)
    Gu.Wpf.Reactive (1.10.0.0)
      Gu.Reactive (>= 1.10.0)
      Gu.Wpf.ToolTips (>= 0.2.0 < 1.0.0)
      Rx-WPF (>= 2.0.0 < 3.0.0)
    Gu.Wpf.ToolTips (0.2.0.0)
    JetBrains.Annotations (10.0.0)
    Moq (4.2.1510.2205)
    Newtonsoft.Json (7.0.1)
    NUnit (2.6.4)
    Rx-Core (2.2.5)
      Rx-Interfaces (>= 2.2.5)
    Rx-Interfaces (2.2.5)
    Rx-Linq (2.2.5)
      Rx-Core (>= 2.2.5)
      Rx-Interfaces (>= 2.2.5)
    Rx-Main (2.2.5)
      Rx-Core (>= 2.2.5)
      Rx-Interfaces (>= 2.2.5)
      Rx-Linq (>= 2.2.5)
      Rx-PlatformServices (>= 2.2.5)
    Rx-PlatformServices (2.2.5)
      Rx-Core (>= 2.2.5)
      Rx-Interfaces (>= 2.2.5)
    Rx-WPF (2.2.5)
      Rx-Xaml (>= 2.2.5)
    Rx-Xaml (2.2.5)
      Rx-Main (>= 2.2.5)
    T4.TemplateFileManager (2.2.1)
