NUGET
  remote: http://www.nuget.org/api/v2
  specs:
    Moq (4.2.1510.2205)
    NUnit (3.0.0)
    T4.TemplateFileManager (2.2.1)
